GEM
  remote: https://rubygems.org/
  specs:
    activesupport (3.0.9)
    bson (1.3.1)
    bson_ext (1.3.1)
    capistrano (2.9.0)
      highline
      net-scp (>= 1.0.0)
      net-sftp (>= 2.0.0)
      net-ssh (>= 2.0.14)
      net-ssh-gateway (>= 1.1.0)
    diff-lcs (1.1.2)
    haml (3.1.2)
    highline (1.6.2)
    hpricot (0.8.4)
    i18n (0.6.0)
    icalendar (1.1.6)
    json (1.5.3)
    mongo (1.3.1)
      bson (>= 1.3.1)
    net-scp (1.0.4)
      net-ssh (>= 1.99.1)
    net-sftp (2.0.5)
      net-ssh (>= 2.0.9)
    net-ssh (2.2.1)
    net-ssh-gateway (1.1.0)
      net-ssh (>= 1.99.1)
    rack (1.2.3)
    rake (0.8.7)
    rspec (2.6.0)
      rspec-core (~> 2.6.0)
      rspec-expectations (~> 2.6.0)
      rspec-mocks (~> 2.6.0)
    rspec-core (2.6.4)
    rspec-expectations (2.6.0)
      diff-lcs (~> 1.1.2)
    rspec-mocks (2.6.0)
    shotgun (0.9)
      rack (>= 1.0)
    sinatra (1.2.6)
      rack (~> 1.1)
      tilt (>= 1.2.2, < 2.0)
    tilt (1.3.2)

PLATFORMS
  ruby

DEPENDENCIES
  activesupport
  bson_ext
  capistrano
  haml
  hpricot
  i18n
  icalendar
  json
  mongo
  rack (~> 1.2.2)
  rake
  rspec
  shotgun
  sinatra (~> 1.2.2)
